PATH
  remote: .
  specs:
    s3itch_client (0.0.1)

GEM
  remote: https://rubygems.org/
  specs:

PLATFORMS
  ruby

DEPENDENCIES
  s3itch_client!
